PATH
  remote: .
  specs:
    assemblage (0.0.3)

GEM
  remote: http://rubygems.org/
  specs:
    activesupport (3.1.1)
      multi_json (~> 1.0)
    multi_json (1.0.3)
    rake (0.9.2)

PLATFORMS
  ruby

DEPENDENCIES
  activesupport
  assemblage!
  rake
